GIT
  remote: git://github.com/radavis/last_fm.git
  revision: cff0a94d3c967dd117e3c4ada8f1bb792979ed57
  specs:
    radavis_last_fm (0.0.7)
      faraday
      multi_json

GEM
  remote: https://rubygems.org/
  specs:
    faraday (0.9.0)
      multipart-post (>= 1.2, < 3)
    multi_json (1.10.1)
    multipart-post (2.0.0)
    rack (1.5.2)
    rack-protection (1.5.3)
      rack
    sinatra (1.4.5)
      rack (~> 1.4)
      rack-protection (~> 1.4)
      tilt (~> 1.3, >= 1.3.4)
    tilt (1.4.1)

PLATFORMS
  ruby

DEPENDENCIES
  radavis_last_fm!
  sinatra
